PATH
  remote: .
  specs:
    sensors_analytics_sdk (1.6.1)

GEM
  remote: https://rubygems.org/
  specs:
    connection_pool (2.2.1)
    metaclass (0.0.4)
    minitest (5.10.1)
    mocha (1.2.1)
      metaclass (~> 0.0.1)
    net-http-persistent (3.0.0)
      connection_pool (~> 2.2)
    rake (10.4.2)

PLATFORMS
  ruby

DEPENDENCIES
  bundler (~> 1.10)
  minitest (~> 5.0)
  mocha
  net-http-persistent
  rake (~> 10.0)
  sensors_analytics_sdk!

BUNDLED WITH
   1.13.7
